PATH
  remote: .
  specs:
    tailwind_artisan (0.1.0)

GEM
  remote: https://rubygems.org/
  specs:
    rake (13.2.1)

PLATFORMS
  arm64-darwin-23

DEPENDENCIES
  rake (~> 13.0)
  tailwind_artisan!

BUNDLED WITH
   2.4.19
